PATH
  remote: .
  specs:
    rails-pattern_matching (0.2.0)
      activemodel
      activerecord

GEM
  remote: https://rubygems.org/
  specs:
    activemodel (7.0.7.2)
      activesupport (= 7.0.7.2)
    activerecord (7.0.7.2)
      activemodel (= 7.0.7.2)
      activesupport (= 7.0.7.2)
    activesupport (7.0.7.2)
      concurrent-ruby (~> 1.0, >= 1.0.2)
      i18n (>= 1.6, < 2)
      minitest (>= 5.1)
      tzinfo (~> 2.0)
    concurrent-ruby (1.2.2)
    i18n (1.14.1)
      concurrent-ruby (~> 1.0)
    minitest (5.19.0)
    power_assert (2.0.3)
    prettier_print (1.2.1)
    rake (13.0.6)
    sqlite3 (1.6.5-arm64-darwin)
    sqlite3 (1.6.5-x86_64-linux)
    syntax_tree (6.1.1)
      prettier_print (>= 1.2.0)
    test-unit (3.6.1)
      power_assert
    tzinfo (2.0.6)
      concurrent-ruby (~> 1.0)

PLATFORMS
  arm64-darwin-22
  x86_64-linux

DEPENDENCIES
  bundler
  rails-pattern_matching!
  rake
  sqlite3
  syntax_tree
  test-unit

BUNDLED WITH
   2.4.1
